GEM
  remote: https://rubygems.org/
  specs:
    actionmailer (3.2.11)
      actionpack (= 3.2.11)
      mail (~> 2.4.4)
    actionpack (3.2.11)
      activemodel (= 3.2.11)
      activesupport (= 3.2.11)
      builder (~> 3.0.0)
      erubis (~> 2.7.0)
      journey (~> 1.0.4)
      rack (~> 1.4.0)
      rack-cache (~> 1.2)
      rack-test (~> 0.6.1)
      sprockets (~> 2.2.1)
    activemodel (3.2.11)
      activesupport (= 3.2.11)
      builder (~> 3.0.0)
    activerecord (3.2.11)
      activemodel (= 3.2.11)
      activesupport (= 3.2.11)
      arel (~> 3.0.2)
      tzinfo (~> 0.3.29)
    activeresource (3.2.11)
      activemodel (= 3.2.11)
      activesupport (= 3.2.11)
    activesupport (3.2.11)
      i18n (~> 0.6)
      multi_json (~> 1.0)
    acts_as_commentable (3.0.1)
    acts_as_votable (0.5.0)
      rails (>= 3.0.0)
    arel (3.0.2)
    asset_sync (0.5.4)
      activemodel
      fog
    aws-s3 (0.6.3)
      builder
      mime-types
      xml-simple
    bcrypt-ruby (3.0.1)
    bootstrap-sass (2.2.2.0)
      sass (~> 3.2)
    builder (3.0.4)
    capybara (2.0.2)
      mime-types (>= 1.16)
      nokogiri (>= 1.3.3)
      rack (>= 1.0.0)
      rack-test (>= 0.5.4)
      selenium-webdriver (~> 2.0)
      xpath (~> 1.0.0)
    carrierwave (0.8.0)
      activemodel (>= 3.2.0)
      activesupport (>= 3.2.0)
    childprocess (0.3.7)
      ffi (~> 1.0, >= 1.0.6)
    coderay (1.0.8)
    coffee-rails (3.2.2)
      coffee-script (>= 2.2.0)
      railties (~> 3.2.0)
    coffee-script (2.2.0)
      coffee-script-source
      execjs
    coffee-script-source (1.4.0)
    country_select (1.1.3)
    daemons (1.1.9)
    devise (2.2.3)
      bcrypt-ruby (~> 3.0)
      orm_adapter (~> 0.1)
      railties (~> 3.1)
      warden (~> 1.2.1)
    diff-lcs (1.1.3)
    erubis (2.7.0)
    event-calendar (2.3.3)
    eventmachine (1.0.0)
    excon (0.20.0)
    execjs (1.4.0)
      multi_json (~> 1.0)
    factory_girl (4.2.0)
      activesupport (>= 3.0.0)
    factory_girl_rails (4.2.1)
      factory_girl (~> 4.2.0)
      railties (>= 3.0.0)
    faraday (0.8.5)
      multipart-post (~> 1.1)
    ffi (1.3.1)
    figaro (0.6.1)
      rails (>= 3, < 5)
    fog (1.10.0)
      builder
      excon (~> 0.14)
      formatador (~> 0.2.0)
      mime-types
      multi_json (~> 1.0)
      net-scp (~> 1.1)
      net-ssh (>= 2.1.3)
      nokogiri (~> 1.5.0)
      ruby-hmac
    formatador (0.2.4)
    gmaps4rails (1.5.6)
    google-analytics-rails (0.0.4)
    guard (1.6.2)
      listen (>= 0.6.0)
      lumberjack (>= 1.0.2)
      pry (>= 0.9.10)
      terminal-table (>= 1.4.3)
      thor (>= 0.14.6)
    guard-rspec (2.4.0)
      guard (>= 1.1)
      rspec (~> 2.11)
    has_mailbox (1.5.5)
      jquery-rails
      will_paginate
    hashie (1.2.0)
    hike (1.2.1)
    httpauth (0.2.0)
    i18n (0.6.4)
    journey (1.0.4)
    jquery-rails (2.2.0)
      railties (>= 3.0, < 5.0)
      thor (>= 0.14, < 2.0)
    jquery-ui-rails (4.0.1)
      jquery-rails
      railties (>= 3.1.0)
    json (1.7.7)
    jwt (0.1.5)
      multi_json (>= 1.0)
    libnotify (0.8.0)
      ffi (>= 1.0.11)
    listen (0.7.2)
    lumberjack (1.0.2)
    mail (2.4.4)
      i18n (>= 0.4.0)
      mime-types (~> 1.16)
      treetop (~> 1.4.8)
    meta-tags (1.5.0)
      actionpack
    meta_search (1.1.3)
      actionpack (~> 3.1)
      activerecord (~> 3.1)
      activesupport (~> 3.1)
      polyamorous (~> 0.5.0)
    method_source (0.8.1)
    mime-types (1.21)
    multi_json (1.6.1)
    multipart-post (1.1.5)
    net-scp (1.1.0)
      net-ssh (>= 2.6.5)
    net-ssh (2.6.6)
    newrelic_rpm (3.6.1.88)
    nokogiri (1.5.6)
    oauth (0.4.7)
    oauth2 (0.8.0)
      faraday (~> 0.8)
      httpauth (~> 0.1)
      jwt (~> 0.1.4)
      multi_json (~> 1.0)
      rack (~> 1.2)
    omniauth (1.1.1)
      hashie (~> 1.2)
      rack
    omniauth-facebook (1.4.0)
      omniauth-oauth2 (~> 1.0.2)
    omniauth-oauth (1.0.1)
      oauth
      omniauth (~> 1.0)
    omniauth-oauth2 (1.0.3)
      oauth2 (~> 0.8.0)
      omniauth (~> 1.0)
    omniauth-twitter (0.0.14)
      multi_json (~> 1.3)
      omniauth-oauth (~> 1.0)
    orm_adapter (0.4.0)
    pg (0.14.1)
    polyamorous (0.5.0)
      activerecord (~> 3.0)
    polyglot (0.3.3)
    pry (0.9.11.4)
      coderay (~> 1.0.5)
      method_source (~> 0.8)
      slop (~> 3.4)
    rack (1.4.5)
    rack-cache (1.2)
      rack (>= 0.4)
    rack-ssl (1.3.3)
      rack
    rack-test (0.6.2)
      rack (>= 1.0)
    rails (3.2.11)
      actionmailer (= 3.2.11)
      actionpack (= 3.2.11)
      activerecord (= 3.2.11)
      activeresource (= 3.2.11)
      activesupport (= 3.2.11)
      bundler (~> 1.0)
      railties (= 3.2.11)
    railties (3.2.11)
      actionpack (= 3.2.11)
      activesupport (= 3.2.11)
      rack-ssl (~> 1.3.2)
      rake (>= 0.8.7)
      rdoc (~> 3.4)
      thor (>= 0.14.6, < 2.0)
    rake (10.0.3)
    rdoc (3.12.2)
      json (~> 1.4)
    roo (1.10.2)
      nokogiri (>= 1.5.6)
      rubyzip (>= 0.9.9)
      spreadsheet (> 0.6.4)
    rspec (2.12.0)
      rspec-core (~> 2.12.0)
      rspec-expectations (~> 2.12.0)
      rspec-mocks (~> 2.12.0)
    rspec-core (2.12.2)
    rspec-expectations (2.12.1)
      diff-lcs (~> 1.1.3)
    rspec-mocks (2.12.2)
    rspec-rails (2.12.2)
      actionpack (>= 3.0)
      activesupport (>= 3.0)
      railties (>= 3.0)
      rspec-core (~> 2.12.0)
      rspec-expectations (~> 2.12.0)
      rspec-mocks (~> 2.12.0)
    ruby-hmac (0.4.0)
    ruby-ole (1.2.11.6)
    rubyzip (0.9.9)
    sass (3.2.5)
    sass-rails (3.2.6)
      railties (~> 3.2.0)
      sass (>= 3.1.10)
      tilt (~> 1.3)
    selenium-webdriver (2.29.0)
      childprocess (>= 0.2.5)
      multi_json (~> 1.0)
      rubyzip
      websocket (~> 1.0.4)
    simple_form (2.1.0)
      actionpack (~> 3.0)
      activemodel (~> 3.0)
    slop (3.4.3)
    spreadsheet (0.8.1)
      ruby-ole (>= 1.0)
    sprockets (2.2.2)
      hike (~> 1.2)
      multi_json (~> 1.0)
      rack (~> 1.0)
      tilt (~> 1.1, != 1.3.0)
    sqlite3 (1.3.7)
    terminal-table (1.4.5)
    thin (1.5.0)
      daemons (>= 1.0.9)
      eventmachine (>= 0.12.6)
      rack (>= 1.0.0)
    thor (0.17.0)
    tilt (1.3.5)
    treetop (1.4.12)
      polyglot
      polyglot (>= 0.3.1)
    tzinfo (0.3.37)
    uglifier (1.3.0)
      execjs (>= 0.3.0)
      multi_json (~> 1.0, >= 1.0.2)
    warden (1.2.1)
      rack (>= 1.0)
    websocket (1.0.7)
    will_paginate (3.0.4)
    xml-simple (1.1.2)
    xpath (1.0.0)
      nokogiri (~> 1.3)

PLATFORMS
  ruby

DEPENDENCIES
  acts_as_commentable (= 3.0.1)
  acts_as_votable (~> 0.5.0)
  asset_sync
  aws-s3
  bootstrap-sass
  capybara
  carrierwave
  coffee-rails (~> 3.2.1)
  country_select
  devise
  event-calendar
  factory_girl_rails
  figaro
  gmaps4rails
  google-analytics-rails
  guard-rspec
  has_mailbox
  jquery-rails
  jquery-ui-rails
  libnotify
  meta-tags
  meta_search
  newrelic_rpm
  omniauth
  omniauth-facebook (= 1.4.0)
  omniauth-twitter
  pg
  rails (= 3.2.11)
  roo
  rspec-rails
  sass-rails (~> 3.2.3)
  simple_form
  sqlite3
  thin
  uglifier (>= 1.0.3)
  will_paginate (~> 3.0)
